GEM
  remote: https://rubygems.org/
  specs:
    async (1.30.3)
      console (~> 1.10)
      nio4r (~> 2.3)
      timers (~> 4.1)
    async-http (0.59.2)
      async (>= 1.25)
      async-io (>= 1.28)
      async-pool (>= 0.2)
      protocol-http (~> 0.23.1)
      protocol-http1 (~> 0.14.0)
      protocol-http2 (~> 0.14.0)
      traces (>= 0.4.0)
    async-io (1.34.0)
      async
    async-pool (0.3.12)
      async (>= 1.25)
    cgi (0.3.6)
    console (1.15.3)
      fiber-local
    date (3.2.2)
    e2mmap (0.1.0)
    ext_monitor (0.1.2)
    fiber-local (1.0.0)
    forwardable (1.3.2)
    json (2.6.2)
    logger (1.5.1)
    matrix (0.4.2)
    mutex_m (0.1.1)
    nio4r (2.5.8)
    ostruct (0.5.5)
    power_assert (2.0.2)
    prime (0.1.2)
      forwardable
      singleton
    protocol-hpack (1.4.2)
    protocol-http (0.23.12)
    protocol-http1 (0.14.6)
      protocol-http (~> 0.22)
    protocol-http2 (0.14.2)
      protocol-hpack (~> 1.4)
      protocol-http (~> 0.18)
    psych (4.0.5)
      stringio
    rake (13.0.6)
    rdoc (6.4.0)
      psych (>= 4.0.0)
    resolv (0.2.1)
    rexml (3.2.5)
    rss (0.2.9)
      rexml
    singleton (0.1.1)
    stringio (3.0.2)
    sync (0.5.0)
    thwait (0.2.0)
      e2mmap
    timers (4.3.4)
    traces (0.7.0)
    unf_ext (0.0.8.2)
    webrick (1.7.0)
    xmlrpc (0.3.2)
      webrick

PLATFORMS
  x86_64-darwin-21
  x86_64-linux

DEPENDENCIES
  async (= 1.30.3)
  async-http (= 0.59.2)
  async-io (= 1.34.0)
  async-pool (= 0.3.12)
  cgi (= 0.3.6)
  date (~> 3.2.2)
  ext_monitor (= 0.1.2)
  json (= 2.6.2)
  logger (= 1.5.1)
  matrix (= 0.4.2)
  mutex_m (= 0.1.1)
  nio4r (= 2.5.8)
  ostruct (= 0.5.5)
  power_assert (= 2.0.2)
  prime (= 0.1.2)
  protocol-hpack (= 1.4.2)
  protocol-http (= 0.23.12)
  protocol-http1 (= 0.14.6)
  protocol-http2 (= 0.14.2)
  rake (= 13.0.6)
  rdoc (= 6.4.0)
  resolv (= 0.2.1)
  rexml (= 3.2.5)
  rss (= 0.2.9)
  sync (= 0.5.0)
  thwait (= 0.2.0)
  unf_ext (= 0.0.8.2)
  webrick (= 1.7.0)
  xmlrpc (= 0.3.2)

BUNDLED WITH
   2.3.21
