GEM
  remote: https://rubygems.org/
  specs:
    addressable (2.8.0)
      public_suffix (>= 2.0.2, < 5.0)
    amq-protocol (2.3.2)
    aws-eventstream (1.2.0)
    aws-partitions (1.547.0)
    aws-sdk-cloudwatchlogs (1.50.0)
      aws-sdk-core (~> 3, >= 3.125.0)
      aws-sigv4 (~> 1.1)
    aws-sdk-core (3.125.3)
      aws-eventstream (~> 1, >= 1.0.2)
      aws-partitions (~> 1, >= 1.525.0)
      aws-sigv4 (~> 1.1)
      jmespath (~> 1.0)
    aws-sdk-firehose (1.46.0)
      aws-sdk-core (~> 3, >= 3.125.0)
      aws-sigv4 (~> 1.1)
    aws-sdk-kinesis (1.39.0)
      aws-sdk-core (~> 3, >= 3.125.0)
      aws-sigv4 (~> 1.1)
    aws-sdk-kms (1.53.0)
      aws-sdk-core (~> 3, >= 3.125.0)
      aws-sigv4 (~> 1.1)
    aws-sdk-s3 (1.111.1)
      aws-sdk-core (~> 3, >= 3.125.0)
      aws-sdk-kms (~> 1)
      aws-sigv4 (~> 1.4)
    aws-sdk-sqs (1.49.0)
      aws-sdk-core (~> 3, >= 3.125.0)
      aws-sigv4 (~> 1.1)
    aws-sigv4 (1.4.0)
      aws-eventstream (~> 1, >= 1.0.2)
    azure-loganalytics-datacollector-api (0.5.0)
      rest-client
    bson (4.13.0)
    bunny (2.19.0)
      amq-protocol (~> 2.3, >= 2.3.1)
      sorted_set (~> 1, >= 1.0.2)
    concurrent-ruby (1.1.9)
    connection_pool (2.2.5)
    cool.io (1.7.1)
    digest-crc (0.6.4)
      rake (>= 12.0.0, < 14.0.0)
    docker-api (2.2.0)
      excon (>= 0.47.0)
      multi_json
    domain_name (0.5.20190701)
      unf (>= 0.0.5, < 1.0.0)
    elasticsearch (7.16.1)
      elasticsearch-api (= 7.16.1)
      elasticsearch-transport (= 7.16.1)
    elasticsearch-api (7.16.1)
      multi_json
    elasticsearch-transport (7.16.1)
      faraday (~> 1)
      multi_json
    excon (0.89.0)
    faraday (1.9.3)
      faraday-em_http (~> 1.0)
      faraday-em_synchrony (~> 1.0)
      faraday-excon (~> 1.1)
      faraday-httpclient (~> 1.0)
      faraday-multipart (~> 1.0)
      faraday-net_http (~> 1.0)
      faraday-net_http_persistent (~> 1.0)
      faraday-patron (~> 1.0)
      faraday-rack (~> 1.0)
      faraday-retry (~> 1.0)
      ruby2_keywords (>= 0.0.4)
    faraday-em_http (1.0.0)
    faraday-em_synchrony (1.0.0)
    faraday-excon (1.1.0)
    faraday-httpclient (1.0.1)
    faraday-multipart (1.0.3)
      multipart-post (>= 1.2, < 3)
    faraday-net_http (1.0.1)
    faraday-net_http_persistent (1.2.0)
    faraday-patron (1.0.0)
    faraday-rack (1.0.0)
    faraday-retry (1.0.3)
    ffi (1.15.5)
    ffi-compiler (1.0.1)
      ffi (>= 1.0.0)
      rake
    fluent-config-regexp-type (1.0.0)
      fluentd (> 1.0.0, < 2)
    fluent-mixin-config-placeholders (0.4.0)
      fluentd
      uuidtools (>= 2.1.5)
    fluent-plugin-amqp (0.14.0)
      bunny (>= 1.7, < 3)
      fluentd (>= 0.14.8, < 2)
    fluent-plugin-azure-loganalytics (0.7.0)
      azure-loganalytics-datacollector-api (>= 0.5.0)
      fluentd (>= 0.14.15, < 2)
      rest-client
      yajl-ruby
    fluent-plugin-cloudwatch-logs (0.14.2)
      aws-sdk-cloudwatchlogs (~> 1.0)
      fluentd (>= 1.8.0)
    fluent-plugin-concat (2.5.0)
      fluentd (>= 0.14.0, < 2)
    fluent-plugin-datadog (0.14.1)
      fluentd (>= 1, < 2)
      net-http-persistent (~> 3.1)
    fluent-plugin-elasticsearch (5.1.4)
      elasticsearch
      excon
      fluentd (>= 0.14.22)
    fluent-plugin-gelf-hs (1.0.8)
      fluentd
      gelf (>= 2.0.0)
    fluent-plugin-grafana-loki (1.2.16)
      fluentd (>= 1.9.3, < 2)
    fluent-plugin-grok-parser (2.6.2)
      fluentd (>= 0.14.6, < 2)
    fluent-plugin-json-in-json-2 (1.0.2)
      fluentd (>= 0.14.0, < 2)
      yajl-ruby (~> 1.0)
    fluent-plugin-kafka (0.17.3)
      fluentd (>= 0.10.58, < 2)
      ltsv
      ruby-kafka (>= 1.4.0, < 2)
    fluent-plugin-kinesis (3.4.2)
      aws-sdk-firehose (~> 1, != 1.9, != 1.5, != 1.15)
      aws-sdk-kinesis (~> 1, != 1.5, != 1.4, != 1.14)
      fluentd (>= 0.14.22, < 2)
      google-protobuf (~> 3)
    fluent-plugin-kubernetes (0.3.1)
      docker-api
      fluentd
    fluent-plugin-kubernetes_metadata_filter (2.9.3)
      fluentd (>= 0.14.0, < 1.15)
      kubeclient (>= 4.0.0, < 5.0.0)
      lru_redux
    fluent-plugin-kubernetes_sumologic (2.4.2)
      fluentd (>= 0.14.12)
      httpclient (~> 2.8.0)
    fluent-plugin-logentries (0.2.10)
    fluent-plugin-logzio (0.0.21)
      fluentd (>= 0.14.0, < 2)
      net-http-persistent (~> 3.0)
    fluent-plugin-mail (0.3.0)
      fluentd (>= 0.12.0)
    fluent-plugin-mongo (1.5.0)
      fluentd (>= 0.14.22, < 2)
      mongo (~> 2.6.0)
    fluent-plugin-multi-format-parser (1.0.0)
      fluentd (>= 0.14.0, < 2)
    fluent-plugin-mysqlslowquery (0.0.9)
      fluentd (>= 0.12.0, < 2)
      myslog (~> 0.0)
    fluent-plugin-out-http (1.3.3)
      fluentd (>= 0.14.22, < 2)
      yajl-ruby (~> 1.0)
    fluent-plugin-papertrail (0.2.8)
      fluent-mixin-config-placeholders (~> 0.4.0)
      fluentd (>= 0.10, < 2)
    fluent-plugin-prometheus (2.0.2)
      fluentd (>= 1.9.1, < 2)
      prometheus-client (>= 2.1.0)
    fluent-plugin-record-modifier (2.1.0)
      fluentd (>= 1.0, < 2)
    fluent-plugin-record-reformer (0.9.1)
      fluentd
    fluent-plugin-redis (0.3.5)
      fluentd (>= 0.14.22, < 2)
      redis (~> 3.3.0)
    fluent-plugin-remote_syslog (1.0.0)
      fluentd
      remote_syslog_sender (>= 1.1.1)
    fluent-plugin-rewrite-tag-filter (2.4.0)
      fluent-config-regexp-type
      fluentd (>= 0.14.2, < 2)
    fluent-plugin-route (1.0.0)
      fluentd (>= 0.14.0)
    fluent-plugin-s3 (1.6.1)
      aws-sdk-s3 (~> 1.60)
      aws-sdk-sqs (~> 1.23)
      fluentd (>= 0.14.22, < 2)
    fluent-plugin-splunkhec (2.2)
      fluentd (>= 1.9.0, < 2)
      yajl-ruby (>= 1.4.0)
    fluent-plugin-splunk-hec (1.2.10)
      fluentd (>= 1.4)
      multi_json (~> 1.13)
      net-http-persistent (~> 3.1)
      openid_connect (~> 1.1.8)
      prometheus-client (>= 2.1.0)
    fluent-plugin-sumologic_output (1.7.3)
      fluentd (>= 0.14.12)
      httpclient (~> 2.8.0)
    fluent-plugin-systemd (1.0.5)
      fluentd (>= 0.14.11, < 2)
      systemd-journal (~> 1.4.2)
    fluent-plugin-uri-parser (0.3.0)
      addressable
      fluentd (>= 0.14.0, < 2)
    fluent-plugin-verticajson (0.0.6)
      fluentd (>= 0.14.22, < 2)
      json
      vertica
    fluent-plugin-vmware-log-intelligence (2.0.6)
      fluent-plugin-mysqlslowquery (>= 0.0.9)
      fluentd (>= 0.14.20)
      http (>= 0.9.8)
      myslog (~> 0.0)
    fluent-plugin-vmware-loginsight (1.0.0)
      fluentd (>= 0.14.10, < 2)
    fluentd (1.14.4)
      bundler
      cool.io (>= 1.4.5, < 2.0.0)
      http_parser.rb (>= 0.5.1, < 0.9.0)
      msgpack (>= 1.3.1, < 2.0.0)
      serverengine (>= 2.2.2, < 3.0.0)
      sigdump (~> 0.2.2)
      strptime (>= 0.2.4, < 1.0.0)
      tzinfo (>= 1.0, < 3.0)
      tzinfo-data (~> 1.0)
      webrick (>= 1.4.2, < 1.8.0)
      yajl-ruby (~> 1.0)
    gelf (3.1.0)
      json
    google-protobuf (3.19.3-x86_64-darwin)
    http (4.4.1)
      addressable (~> 2.3)
      http-cookie (~> 1.0)
      http-form_data (~> 2.2)
      http-parser (~> 1.2.0)
    http-accept (1.7.0)
    http-cookie (1.0.4)
      domain_name (~> 0.5)
    http-form_data (2.3.0)
    http-parser (1.2.3)
      ffi-compiler (>= 1.0, < 2.0)
    http_parser.rb (0.8.0)
    httpclient (2.8.3)
    jmespath (1.5.0)
    json (2.6.1)
    jsonpath (1.1.0)
      multi_json
    kubeclient (4.9.2)
      http (>= 3.0, < 5.0)
      jsonpath (~> 1.0)
      recursive-open-struct (~> 1.1, >= 1.1.1)
      rest-client (~> 2.0)
    logfmt (0.0.9)
    lru_redux (1.1.0)
    ltsv (0.1.2)
    mime-types (3.4.1)
      mime-types-data (~> 3.2015)
    mime-types-data (3.2022.0105)
    mongo (2.6.4)
      bson (>= 4.3.0, < 5.0.0)
    msgpack (1.4.2)
    multi_json (1.15.0)
    multipart-post (2.1.1)
    myslog (0.1.1)
    net-http-persistent (3.1.0)
      connection_pool (~> 2.2)
    netrc (0.11.0)
    oj (3.13.10)
    prometheus-client (2.1.0)
    public_suffix (4.0.6)
    rake (13.0.6)
    rbtree (0.4.4)
    recursive-open-struct (1.1.3)
    redis (3.3.5)
    remote_syslog_sender (1.2.2)
      syslog_protocol
    rest-client (2.1.0)
      http-accept (>= 1.7.0, < 2.0)
      http-cookie (>= 1.0.2, < 2.0)
      mime-types (>= 1.16, < 4.0)
      netrc (~> 0.8)
    ruby-kafka (1.4.0)
      digest-crc
    ruby2_keywords (0.0.5)
    serverengine (2.2.4)
      sigdump (~> 0.2.2)
    set (1.0.2)
    sigdump (0.2.4)
    sorted_set (1.0.3)
      rbtree
      set (~> 1.0)
    strptime (0.2.5)
    syslog_protocol (0.9.2)
    systemd-journal (1.4.2)
      ffi (~> 1.9)
    tzinfo (2.0.4)
      concurrent-ruby (~> 1.0)
    tzinfo-data (1.2021.5)
      tzinfo (>= 1.0.0)
    unf (0.1.4)
      unf_ext
    unf_ext (0.0.8)
    uuidtools (2.2.0)
    vertica (1.0.3)
    webrick (1.7.0)
    yajl-ruby (1.4.1)

PLATFORMS
  x86_64-darwin-20

DEPENDENCIES
  ffi
  fluent-plugin-amqp (= 0.14.0)
  fluent-plugin-azure-loganalytics (= 0.7.0)
  fluent-plugin-cloudwatch-logs (= 0.14.2)
  fluent-plugin-concat (= 2.5.0)
  fluent-plugin-datadog (= 0.14.1)
  fluent-plugin-elasticsearch (= 5.1.4)
  fluent-plugin-gelf-hs (= 1.0.8)
  fluent-plugin-grafana-loki (= 1.2.16)
  fluent-plugin-grok-parser (= 2.6.2)
  fluent-plugin-json-in-json-2 (= 1.0.2)
  fluent-plugin-kafka (= 0.17.3)
  fluent-plugin-kinesis (= 3.4.2)
  fluent-plugin-kubernetes (= 0.3.1)
  fluent-plugin-kubernetes_metadata_filter (= 2.9.3)
  fluent-plugin-kubernetes_sumologic (= 2.4.2)
  fluent-plugin-logentries (= 0.2.10)
  fluent-plugin-logzio (= 0.0.21)
  fluent-plugin-mail (= 0.3.0)
  fluent-plugin-mongo (= 1.5.0)
  fluent-plugin-multi-format-parser (= 1.0.0)
  fluent-plugin-mysqlslowquery (= 0.0.9)
  fluent-plugin-out-http (= 1.3.3)
  fluent-plugin-papertrail (= 0.2.8)
  fluent-plugin-prometheus (= 2.0.2)
  fluent-plugin-record-modifier (= 2.1.0)
  fluent-plugin-record-reformer (= 0.9.1)
  fluent-plugin-redis (= 0.3.5)
  fluent-plugin-remote_syslog (= 1.0.0)
  fluent-plugin-rewrite-tag-filter (= 2.4.0)
  fluent-plugin-route (= 1.0.0)
  fluent-plugin-s3 (= 1.6.1)
  fluent-plugin-splunkhec (= 2.2)
  fluent-plugin-sumologic_output (= 1.7.3)
  fluent-plugin-systemd (= 1.0.5)
  fluent-plugin-uri-parser (= 0.3.0)
  fluent-plugin-verticajson (= 0.0.6)
  fluent-plugin-vmware-log-intelligence (= 2.0.6)
  fluent-plugin-vmware-loginsight (= 1.0.0)
  fluentd (= 1.14.4)
  gelf (= 3.1.0)
  kubeclient (~> 4.9.0, < 5.0.0)
  logfmt (= 0.0.9)
  oj (= 3.13.10)

BUNDLED WITH
   2.3.4
