GEM
  remote: https://rubygems.org/
  specs:
    activemodel (7.0.7.2)
      activesupport (= 7.0.7.2)
    activesupport (7.0.7.2)
      concurrent-ruby (~> 1.0, >= 1.0.2)
      i18n (>= 1.6, < 2)
      minitest (>= 5.1)
      tzinfo (~> 2.0)
    addressable (2.8.5)
      public_suffix (>= 2.0.2, < 6.0)
    aes_key_wrap (1.1.0)
    amq-protocol (2.3.2)
    attr_required (1.0.1)
    aws-eventstream (1.2.0)
    aws-partitions (1.812.0)
    aws-sdk-cloudwatchlogs (1.69.0)
      aws-sdk-core (~> 3, >= 3.177.0)
      aws-sigv4 (~> 1.1)
    aws-sdk-core (3.181.0)
      aws-eventstream (~> 1, >= 1.0.2)
      aws-partitions (~> 1, >= 1.651.0)
      aws-sigv4 (~> 1.5)
      jmespath (~> 1, >= 1.6.1)
    aws-sdk-firehose (1.56.0)
      aws-sdk-core (~> 3, >= 3.177.0)
      aws-sigv4 (~> 1.1)
    aws-sdk-kinesis (1.50.0)
      aws-sdk-core (~> 3, >= 3.177.0)
      aws-sigv4 (~> 1.1)
    aws-sdk-kms (1.71.0)
      aws-sdk-core (~> 3, >= 3.177.0)
      aws-sigv4 (~> 1.1)
    aws-sdk-s3 (1.134.0)
      aws-sdk-core (~> 3, >= 3.181.0)
      aws-sdk-kms (~> 1)
      aws-sigv4 (~> 1.6)
    aws-sdk-sqs (1.62.0)
      aws-sdk-core (~> 3, >= 3.177.0)
      aws-sigv4 (~> 1.1)
    aws-sigv4 (1.6.0)
      aws-eventstream (~> 1, >= 1.0.2)
    azure-loganalytics-datacollector-api (0.5.0)
      rest-client
    bindata (2.4.15)
    bson (4.15.0)
    bunny (2.22.0)
      amq-protocol (~> 2.3, >= 2.3.1)
      sorted_set (~> 1, >= 1.0.2)
    concurrent-ruby (1.2.2)
    connection_pool (2.4.1)
    cool.io (1.8.0)
    date (3.3.3)
    digest-crc (0.6.5)
      rake (>= 12.0.0, < 14.0.0)
    docker-api (2.2.0)
      excon (>= 0.47.0)
      multi_json
    domain_name (0.5.20190701)
      unf (>= 0.0.5, < 1.0.0)
    elastic-transport (8.2.2)
      faraday (< 3)
      multi_json
    elasticsearch (8.9.0)
      elastic-transport (~> 8)
      elasticsearch-api (= 8.9.0)
    elasticsearch-api (8.9.0)
      multi_json
    excon (0.102.0)
    faraday (2.7.10)
      faraday-net_http (>= 2.0, < 3.1)
      ruby2_keywords (>= 0.0.4)
    faraday-excon (2.1.0)
      excon (>= 0.27.4)
      faraday (~> 2.0)
    faraday-follow_redirects (0.3.0)
      faraday (>= 1, < 3)
    faraday-net_http (3.0.2)
    faraday_middleware-aws-sigv4 (1.0.1)
      aws-sigv4 (~> 1.0)
      faraday (>= 2.0, < 3)
    ffi (1.15.5)
    ffi-compiler (1.0.1)
      ffi (>= 1.0.0)
      rake
    fluent-config-regexp-type (1.0.0)
      fluentd (> 1.0.0, < 2)
    fluent-mixin-config-placeholders (0.4.0)
      fluentd
      uuidtools (>= 2.1.5)
    fluent-plugin-amqp (0.14.0)
      bunny (>= 1.7, < 3)
      fluentd (>= 0.14.8, < 2)
    fluent-plugin-azure-loganalytics (0.7.0)
      azure-loganalytics-datacollector-api (>= 0.5.0)
      fluentd (>= 0.14.15, < 2)
      rest-client
      yajl-ruby
    fluent-plugin-cloudwatch-logs (0.14.3)
      aws-sdk-cloudwatchlogs (~> 1.0)
      fluentd (>= 1.8.0)
    fluent-plugin-concat (2.5.0)
      fluentd (>= 0.14.0, < 2)
    fluent-plugin-datadog (0.14.2)
      fluentd (>= 1, < 2)
      net-http-persistent (~> 4.0.1)
    fluent-plugin-detect-exceptions (0.0.15)
      fluentd (>= 0.10)
    fluent-plugin-elasticsearch (5.3.0)
      elasticsearch
      excon
      faraday (>= 2.0.0)
      faraday-excon (>= 2.0.0)
      fluentd (>= 0.14.22)
    fluent-plugin-gelf-hs (1.0.8)
      fluentd
      gelf (>= 2.0.0)
    fluent-plugin-grafana-loki (1.2.20)
      fluentd (>= 1.9.3, < 2)
    fluent-plugin-grok-parser (2.6.2)
      fluentd (>= 0.14.6, < 2)
    fluent-plugin-json-in-json-2 (1.0.2)
      fluentd (>= 0.14.0, < 2)
      yajl-ruby (~> 1.0)
    fluent-plugin-kafka (0.18.1)
      fluentd (>= 0.10.58, < 2)
      ltsv
      ruby-kafka (>= 1.4.0, < 2)
    fluent-plugin-kinesis (3.4.2)
      aws-sdk-firehose (~> 1, != 1.9, != 1.5, != 1.15)
      aws-sdk-kinesis (~> 1, != 1.5, != 1.4, != 1.14)
      fluentd (>= 0.14.22, < 2)
      google-protobuf (~> 3)
    fluent-plugin-kubernetes (0.3.1)
      docker-api
      fluentd
    fluent-plugin-kubernetes_metadata_filter (3.2.0)
      fluentd (>= 0.14.0, < 1.17)
      kubeclient (>= 4.0.0, < 5.0.0)
      lru_redux
    fluent-plugin-kubernetes_sumologic (2.4.2)
      fluentd (>= 0.14.12)
      httpclient (~> 2.8.0)
    fluent-plugin-logentries (0.2.10)
    fluent-plugin-logzio (0.0.22)
      fluentd (>= 0.14.0, < 2)
      net-http-persistent (~> 4.0)
    fluent-plugin-mail (0.3.0)
      fluentd (>= 0.12.0)
    fluent-plugin-mongo (1.5.0)
      fluentd (>= 0.14.22, < 2)
      mongo (~> 2.6.0)
    fluent-plugin-multi-format-parser (1.0.0)
      fluentd (>= 0.14.0, < 2)
    fluent-plugin-mysqlslowquery (0.0.9)
      fluentd (>= 0.12.0, < 2)
      myslog (~> 0.0)
    fluent-plugin-opensearch (1.1.0)
      aws-sdk-core (~> 3)
      excon
      faraday (>= 2.0.0)
      faraday-excon (>= 2.0.0)
      faraday_middleware-aws-sigv4 (~> 1.0.1)
      fluentd (>= 0.14.22)
      opensearch-ruby
    fluent-plugin-papertrail (0.2.8)
      fluent-mixin-config-placeholders (~> 0.4.0)
      fluentd (>= 0.10, < 2)
    fluent-plugin-prometheus (2.1.0)
      fluentd (>= 1.9.1, < 2)
      prometheus-client (>= 2.1.0)
    fluent-plugin-record-modifier (2.1.0)
      fluentd (>= 1.0, < 2)
    fluent-plugin-record-reformer (0.9.1)
      fluentd
    fluent-plugin-redis (0.3.5)
      fluentd (>= 0.14.22, < 2)
      redis (~> 3.3.0)
    fluent-plugin-remote_syslog (1.0.0)
      fluentd
      remote_syslog_sender (>= 1.1.1)
    fluent-plugin-rewrite-tag-filter (2.4.0)
      fluent-config-regexp-type
      fluentd (>= 0.14.2, < 2)
    fluent-plugin-route (1.0.0)
      fluentd (>= 0.14.0)
    fluent-plugin-s3 (1.7.2)
      aws-sdk-s3 (~> 1.60)
      aws-sdk-sqs (~> 1.23)
      fluentd (>= 0.14.22, < 2)
    fluent-plugin-splunk-hec (1.3.1)
      fluentd (>= 1.5)
      json-jwt (~> 1.15.0)
      multi_json (~> 1.13)
      net-http-persistent (~> 4.0)
      openid_connect (~> 1.1.8)
      prometheus-client (>= 2.1.0)
      rack-oauth2 (~> 1.19)
    fluent-plugin-splunkhec (2.3)
      fluentd (>= 1.15.1, < 2)
      yajl-ruby (>= 1.4.3)
    fluent-plugin-sumologic_output (1.7.3)
      fluentd (>= 0.14.12)
      httpclient (~> 2.8.0)
    fluent-plugin-systemd (1.0.5)
      fluentd (>= 0.14.11, < 2)
      systemd-journal (~> 1.4.2)
    fluent-plugin-throttle (0.0.5)
      fluentd (~> 1.1)
    fluent-plugin-uri-parser (0.3.0)
      addressable
      fluentd (>= 0.14.0, < 2)
    fluent-plugin-verticajson (0.0.6)
      fluentd (>= 0.14.22, < 2)
      json
      vertica
    fluent-plugin-vmware-log-intelligence (2.0.8)
      fluent-plugin-mysqlslowquery (>= 0.0.9)
      fluentd (>= 0.14.20)
      http (>= 4.0)
      myslog (~> 0.0)
    fluent-plugin-vmware-loginsight (1.4.1)
      fluentd (>= 0.14.10, < 2)
    fluent-plugin-webhdfs (1.5.0)
      fluentd (>= 0.14.22)
      webhdfs (>= 0.10.0)
    fluentd (1.16.1)
      bundler
      cool.io (>= 1.4.5, < 2.0.0)
      http_parser.rb (>= 0.5.1, < 0.9.0)
      msgpack (>= 1.3.1, < 2.0.0)
      serverengine (>= 2.3.2, < 3.0.0)
      sigdump (~> 0.2.2)
      strptime (>= 0.2.4, < 1.0.0)
      tzinfo (>= 1.0, < 3.0)
      tzinfo-data (~> 1.0)
      webrick (~> 1.4)
      yajl-ruby (~> 1.0)
    gelf (3.1.0)
      json
    google-protobuf (3.24.2-arm64-darwin)
    google-protobuf (3.24.2-x86_64-darwin)
    google-protobuf (3.24.2-x86_64-linux)
    gssapi (1.3.1)
      ffi (>= 1.0.1)
    http (4.4.1)
      addressable (~> 2.3)
      http-cookie (~> 1.0)
      http-form_data (~> 2.2)
      http-parser (~> 1.2.0)
    http-accept (1.7.0)
    http-cookie (1.0.5)
      domain_name (~> 0.5)
    http-form_data (2.3.0)
    http-parser (1.2.3)
      ffi-compiler (>= 1.0, < 2.0)
    http_parser.rb (0.8.0)
    httpclient (2.8.3)
    i18n (1.14.1)
      concurrent-ruby (~> 1.0)
    jmespath (1.6.2)
    json (2.6.3)
    json-jwt (1.15.3)
      activesupport (>= 4.2)
      aes_key_wrap
      bindata
      httpclient
    jsonpath (1.1.3)
      multi_json
    kubeclient (4.9.3)
      http (>= 3.0, < 5.0)
      jsonpath (~> 1.0)
      recursive-open-struct (~> 1.1, >= 1.1.1)
      rest-client (~> 2.0)
    logfmt (0.0.10)
    lru_redux (1.1.0)
    ltsv (0.1.2)
    mail (2.8.1)
      mini_mime (>= 0.1.1)
      net-imap
      net-pop
      net-smtp
    mime-types (3.5.1)
      mime-types-data (~> 3.2015)
    mime-types-data (3.2023.0808)
    mini_mime (1.1.5)
    minitest (5.19.0)
    mongo (2.6.4)
      bson (>= 4.3.0, < 5.0.0)
    msgpack (1.7.2)
    multi_json (1.15.0)
    myslog (0.1.1)
    net-http-persistent (4.0.2)
      connection_pool (~> 2.2)
    net-imap (0.3.7)
      date
      net-protocol
    net-pop (0.1.2)
      net-protocol
    net-protocol (0.2.1)
      timeout
    net-smtp (0.3.3)
      net-protocol
    netrc (0.11.0)
    oj (3.13.23)
    openid_connect (1.1.8)
      activemodel
      attr_required (>= 1.0.0)
      json-jwt (>= 1.5.0)
      rack-oauth2 (>= 1.6.1)
      swd (>= 1.0.0)
      tzinfo
      validate_email
      validate_url
      webfinger (>= 1.0.1)
    opensearch-api (2.2.0)
      multi_json
    opensearch-ruby (2.1.0)
      opensearch-api (~> 2.1)
      opensearch-transport (~> 2.0)
    opensearch-transport (2.1.0)
      faraday (>= 1.0, < 3)
      multi_json
    prometheus-client (4.2.1)
    public_suffix (5.0.3)
    rack (3.0.8)
    rack-oauth2 (1.21.3)
      activesupport
      attr_required
      httpclient
      json-jwt (>= 1.11.0)
      rack (>= 2.1.0)
    rake (13.0.6)
    rbtree (0.4.6)
    recursive-open-struct (1.1.3)
    redis (3.3.5)
    remote_syslog_sender (1.2.2)
      syslog_protocol
    rest-client (2.1.0)
      http-accept (>= 1.7.0, < 2.0)
      http-cookie (>= 1.0.2, < 2.0)
      mime-types (>= 1.16, < 4.0)
      netrc (~> 0.8)
    ruby-kafka (1.5.0)
      digest-crc
    ruby2_keywords (0.0.5)
    serverengine (2.3.2)
      sigdump (~> 0.2.2)
    set (1.0.3)
    sigdump (0.2.5)
    sorted_set (1.0.3)
      rbtree
      set (~> 1.0)
    specific_install (0.3.8)
    strptime (0.2.5)
    swd (2.0.2)
      activesupport (>= 3)
      attr_required (>= 0.0.5)
      faraday (~> 2.0)
      faraday-follow_redirects
    syslog_protocol (0.9.2)
    systemd-journal (1.4.2)
      ffi (~> 1.9)
    timeout (0.4.0)
    tzinfo (2.0.6)
      concurrent-ruby (~> 1.0)
    tzinfo-data (1.2023.3)
      tzinfo (>= 1.0.0)
    unf (0.1.4)
      unf_ext
    unf_ext (0.0.8.2)
    uuidtools (2.2.0)
    validate_email (0.1.6)
      activemodel (>= 3.0)
      mail (>= 2.2.5)
    validate_url (1.0.15)
      activemodel (>= 3.0.0)
      public_suffix
    vertica (1.0.3)
    webfinger (2.1.2)
      activesupport
      faraday (~> 2.0)
      faraday-follow_redirects
    webhdfs (0.10.2)
      addressable
    webrick (1.8.1)
    yajl-ruby (1.4.3)

PLATFORMS
  ruby
  arm64-darwin-22
  x86_64-darwin-21
  x86_64-darwin-22
  x86_64-linux

DEPENDENCIES
  ffi
  fluent-plugin-amqp (= 0.14.0)
  fluent-plugin-azure-loganalytics (= 0.7.0)
  fluent-plugin-cloudwatch-logs (= 0.14.3)
  fluent-plugin-concat (= 2.5.0)
  fluent-plugin-datadog (= 0.14.2)
  fluent-plugin-detect-exceptions (~> 0.0.15)
  fluent-plugin-elasticsearch (= 5.3.0)
  fluent-plugin-gelf-hs (= 1.0.8)
  fluent-plugin-grafana-loki (= 1.2.20)
  fluent-plugin-grok-parser (= 2.6.2)
  fluent-plugin-json-in-json-2 (= 1.0.2)
  fluent-plugin-kafka (= 0.18.1)
  fluent-plugin-kinesis (= 3.4.2)
  fluent-plugin-kubernetes (= 0.3.1)
  fluent-plugin-kubernetes_metadata_filter (= 3.2.0)
  fluent-plugin-kubernetes_sumologic (= 2.4.2)
  fluent-plugin-logentries (= 0.2.10)
  fluent-plugin-logzio (= 0.0.22)
  fluent-plugin-mail (= 0.3.0)
  fluent-plugin-mongo (= 1.5.0)
  fluent-plugin-multi-format-parser (= 1.0.0)
  fluent-plugin-mysqlslowquery (= 0.0.9)
  fluent-plugin-opensearch (= 1.1.0)
  fluent-plugin-papertrail (= 0.2.8)
  fluent-plugin-prometheus (= 2.1.0)
  fluent-plugin-record-modifier (= 2.1.0)
  fluent-plugin-record-reformer (= 0.9.1)
  fluent-plugin-redis (= 0.3.5)
  fluent-plugin-remote_syslog (= 1.0.0)
  fluent-plugin-rewrite-tag-filter (= 2.4.0)
  fluent-plugin-route (= 1.0.0)
  fluent-plugin-s3 (= 1.7.2)
  fluent-plugin-splunk-hec (= 1.3.1)
  fluent-plugin-splunkhec (= 2.3)
  fluent-plugin-sumologic_output (= 1.7.3)
  fluent-plugin-systemd (= 1.0.5)
  fluent-plugin-throttle (= 0.0.5)
  fluent-plugin-uri-parser (= 0.3.0)
  fluent-plugin-verticajson (= 0.0.6)
  fluent-plugin-vmware-log-intelligence (= 2.0.8)
  fluent-plugin-vmware-loginsight (= 1.4.1)
  fluent-plugin-webhdfs (= 1.5.0)
  fluentd (= 1.16.1)
  gelf (= 3.1.0)
  gssapi (= 1.3.1)
  kubeclient (~> 4.9.3)
  logfmt (= 0.0.10)
  oj (= 3.13.23)
  specific_install (= 0.3.8)

BUNDLED WITH
   2.4.19
